GEM
  remote: https://rubygems.org/
  specs:
    facter (1.7.2)
    hiera (1.2.1)
      json_pure
    json_pure (1.8.0)
    puppet (3.2.4)
      facter (~> 1.6)
      hiera (~> 1.0)
      rgen (~> 0.6.5)
    puppet-lint (0.3.2)
    puppet-syntax (1.0.0)
      puppet (>= 2.7.0)
      rake
    rake (10.1.0)
    rgen (0.6.5)

PLATFORMS
  ruby

DEPENDENCIES
  puppet (~> 3.2.0)
  puppet-lint
  puppet-syntax
